GEM
  remote: https://rubygems.org/
  specs:
    ast (2.4.0)
    diff-lcs (1.3)
    docile (1.3.1)
    json (2.1.0)
    mustermann (1.0.2)
    parallel (1.12.1)
    parser (2.5.1.0)
      ast (~> 2.4.0)
    pg (1.0.0)
    powerpack (0.1.1)
    rack (2.0.5)
    rack-protection (2.0.1)
      rack
    rack-test (1.0.0)
      rack (>= 1.0, < 3)
    rainbow (3.0.0)
    rake (12.3.1)
    rspec (3.7.0)
      rspec-core (~> 3.7.0)
      rspec-expectations (~> 3.7.0)
      rspec-mocks (~> 3.7.0)
    rspec-core (3.7.1)
      rspec-support (~> 3.7.0)
    rspec-expectations (3.7.0)
      diff-lcs (>= 1.2.0, < 2.0)
      rspec-support (~> 3.7.0)
    rspec-mocks (3.7.0)
      diff-lcs (>= 1.2.0, < 2.0)
      rspec-support (~> 3.7.0)
    rspec-support (3.7.1)
    rubocop (0.56.0)
      parallel (~> 1.10)
      parser (>= 2.5)
      powerpack (~> 0.1)
      rainbow (>= 2.2.2, < 4.0)
      ruby-progressbar (~> 1.7)
      unicode-display_width (~> 1.0, >= 1.0.1)
    ruby-progressbar (1.9.0)
    simplecov (0.16.1)
      docile (~> 1.1)
      json (>= 1.8, < 3)
      simplecov-html (~> 0.10.0)
    simplecov-html (0.10.2)
    simplecov-json (0.2)
      json
      simplecov
    sinatra (2.0.1)
      mustermann (~> 1.0)
      rack (~> 2.0)
      rack-protection (= 2.0.1)
      tilt (~> 2.0)
    sinatra-cross_origin (0.4.0)
    tilt (2.0.8)
    unicode-display_width (1.3.3)

PLATFORMS
  ruby

DEPENDENCIES
  json
  pg
  rack-test
  rake
  rspec
  rubocop
  simplecov
  simplecov-json
  sinatra
  sinatra-cross_origin

RUBY VERSION
   ruby 2.5.1p57

BUNDLED WITH
   1.16.2
